PATH
  remote: .
  specs:
    phalanx (0.1.0)

GEM
  remote: https://rubygems.org/
  specs:
    amazing_print (1.4.0)
    ast (2.4.2)
    diff-lcs (1.5.0)
    ffi (1.15.5)
    json (2.6.2)
    listen (3.7.1)
      rb-fsevent (~> 0.10, >= 0.10.3)
      rb-inotify (~> 0.9, >= 0.9.10)
    parallel (1.22.1)
    parser (3.1.2.0)
      ast (~> 2.4.1)
    rainbow (3.1.1)
    rake (13.0.6)
    rb-fsevent (0.11.1)
    rb-inotify (0.10.1)
      ffi (~> 1.0)
    regexp_parser (2.5.0)
    retest (1.9.0)
      listen (~> 3.2)
      string-similarity (~> 2.1)
      tty-option (~> 0.1)
    rexml (3.2.5)
    rspec (3.11.0)
      rspec-core (~> 3.11.0)
      rspec-expectations (~> 3.11.0)
      rspec-mocks (~> 3.11.0)
    rspec-core (3.11.0)
      rspec-support (~> 3.11.0)
    rspec-expectations (3.11.0)
      diff-lcs (>= 1.2.0, < 2.0)
      rspec-support (~> 3.11.0)
    rspec-mocks (3.11.1)
      diff-lcs (>= 1.2.0, < 2.0)
      rspec-support (~> 3.11.0)
    rspec-support (3.11.0)
    rubocop (1.32.0)
      json (~> 2.3)
      parallel (~> 1.10)
      parser (>= 3.1.0.0)
      rainbow (>= 2.2.2, < 4.0)
      regexp_parser (>= 1.8, < 3.0)
      rexml (>= 3.2.5, < 4.0)
      rubocop-ast (>= 1.19.1, < 2.0)
      ruby-progressbar (~> 1.7)
      unicode-display_width (>= 1.4.0, < 3.0)
    rubocop-ast (1.19.1)
      parser (>= 3.1.1.0)
    rubocop-performance (1.14.3)
      rubocop (>= 1.7.0, < 2.0)
      rubocop-ast (>= 0.4.0)
    rubocop-rake (0.6.0)
      rubocop (~> 1.0)
    rubocop-require_tools (0.1.2)
      rubocop (>= 0.49.1)
    rubocop-rspec (2.12.1)
      rubocop (~> 1.31)
    rubocop-rubycw (0.1.6)
      rubocop (~> 1.0)
    rubocop-thread_safety (0.4.4)
      rubocop (>= 0.53.0)
    ruby-progressbar (1.11.0)
    string-similarity (2.1.0)
    tty-option (0.2.0)
    unicode-display_width (2.2.0)

PLATFORMS
  x86_64-darwin-21

DEPENDENCIES
  amazing_print
  phalanx!
  rake (~> 13.0)
  retest
  rspec (~> 3.11)
  rubocop
  rubocop-performance
  rubocop-rake
  rubocop-require_tools
  rubocop-rspec
  rubocop-rubycw
  rubocop-thread_safety

BUNDLED WITH
   2.3.19
